GEM
  remote: https://rubygems.org/
  specs:
    aws-eventstream (1.1.0)
    aws-partitions (1.345.0)
    aws-sdk-core (3.104.3)
      aws-eventstream (~> 1, >= 1.0.2)
      aws-partitions (~> 1, >= 1.239.0)
      aws-sigv4 (~> 1.1)
      jmespath (~> 1.0)
    aws-sdk-simpledb (1.21.0)
      aws-sdk-core (~> 3, >= 3.99.0)
      aws-sigv2 (~> 1.0)
    aws-sigv2 (1.0.1)
    aws-sigv4 (1.2.1)
      aws-eventstream (~> 1, >= 1.0.2)
    faraday (1.0.1)
      multipart-post (>= 1.2, < 3)
    jmespath (1.4.0)
    multipart-post (2.1.1)
    oracle_hcm (0.1.1)
      faraday (~> 1.0)
    springcm-sdk (1.3.0)
      faraday (~> 1.0)

PLATFORMS
  ruby

DEPENDENCIES
  aws-sdk-simpledb (~> 1.21)
  oracle_hcm (~> 0.1)
  springcm-sdk (~> 1.3)

BUNDLED WITH
   2.1.4
